GEM
  remote: https://rubygems.org/
  specs:
    coderay (1.1.3)
    method_source (1.0.0)
    pry (0.14.2)
      coderay (~> 1.1)
      method_source (~> 1.0)

PLATFORMS
  ruby
  x64-mingw32

DEPENDENCIES
  pry (~> 0.14.2)

BUNDLED WITH
   2.3.10
